GEM
  remote: https://rubygems.org/
  specs:
    addressable (2.4.0)
    artifactory (2.3.3)
    ast (2.3.0)
    berkshelf (4.3.5)
      addressable (~> 2.3, >= 2.3.4)
      berkshelf-api-client (~> 2.0, >= 2.0.2)
      buff-config (~> 1.0)
      buff-extensions (~> 1.0)
      buff-shell_out (~> 0.1)
      celluloid (= 0.16.0)
      celluloid-io (~> 0.16.1)
      cleanroom (~> 1.0)
      faraday (~> 0.9)
      httpclient (~> 2.7)
      minitar (~> 0.5, >= 0.5.4)
      mixlib-archive (~> 0.1)
      octokit (~> 4.0)
      retryable (~> 2.0)
      ridley (~> 4.5)
      solve (~> 2.0)
      thor (~> 0.19)
    berkshelf-api-client (2.0.2)
      faraday (~> 0.9.1)
      httpclient (~> 2.7.0)
      ridley (~> 4.5)
    buff-config (1.0.1)
      buff-extensions (~> 1.0)
      varia_model (~> 0.4)
    buff-extensions (1.0.0)
    buff-ignore (1.1.1)
    buff-ruby_engine (0.1.0)
    buff-shell_out (0.2.0)
      buff-ruby_engine (~> 0.1.0)
    celluloid (0.16.0)
      timers (~> 4.0.0)
    celluloid-io (0.16.2)
      celluloid (>= 0.16.0)
      nio4r (>= 1.1.0)
    chef-api (0.6.0)
      logify (~> 0.1)
      mime-types
    chef-config (12.12.15)
      fuzzyurl (~> 0.8.0)
      mixlib-config (~> 2.0)
      mixlib-shellout (~> 2.0)
    cleanroom (1.0.0)
    cookstyle (0.0.1)
      rubocop (= 0.39.0)
    cucumber-core (1.5.0)
      gherkin (~> 4.0)
    erubis (2.7.0)
    faraday (0.9.2)
      multipart-post (>= 1.2, < 3)
    foodcritic (7.0.1)
      cucumber-core (>= 1.3)
      erubis
      nokogiri (>= 1.5, < 2.0)
      rake
      rufus-lru (~> 1.0)
      treetop (~> 1.4)
      yajl-ruby (~> 1.1)
    fuzzyurl (0.8.0)
    gherkin (4.0.0)
    hashie (3.4.4)
    hitimes (1.2.4)
    httpclient (2.7.2)
    json (2.0.2)
    kitchen-vagrant (0.20.0)
      test-kitchen (~> 1.4)
    logify (0.2.0)
    mime-types (3.1)
      mime-types-data (~> 3.2015)
    mime-types-data (3.2016.0521)
    mini_portile2 (2.1.0)
    minitar (0.5.4)
    mixlib-archive (0.2.0)
      mixlib-log
    mixlib-authentication (1.4.1)
      mixlib-log
    mixlib-config (2.2.1)
    mixlib-install (1.1.0)
      artifactory
      mixlib-shellout
      mixlib-versioning
    mixlib-log (1.6.0)
    mixlib-shellout (2.2.6)
    mixlib-versioning (1.1.0)
    molinillo (0.4.5)
    multipart-post (2.0.0)
    net-scp (1.2.1)
      net-ssh (>= 2.6.5)
    net-ssh (3.2.0)
    nio4r (1.2.1)
    nokogiri (1.6.8)
      mini_portile2 (~> 2.1.0)
      pkg-config (~> 1.1.7)
    octokit (4.3.0)
      sawyer (~> 0.7.0, >= 0.5.3)
    parser (2.3.1.2)
      ast (~> 2.2)
    pkg-config (1.1.7)
    polyglot (0.3.5)
    powerpack (0.1.1)
    rainbow (2.1.0)
    rake (11.2.2)
    retryable (2.0.4)
    ridley (4.6.0)
      addressable
      buff-config (~> 1.0)
      buff-extensions (~> 1.0)
      buff-ignore (~> 1.1)
      buff-shell_out (~> 0.1)
      celluloid (~> 0.16.0)
      celluloid-io (~> 0.16.1)
      chef-config (>= 12.5.0)
      erubis
      faraday (~> 0.9.0)
      hashie (>= 2.0.2, < 4.0.0)
      httpclient (~> 2.7)
      json (>= 1.7.7)
      mixlib-authentication (>= 1.3.0)
      retryable (~> 2.0)
      semverse (~> 1.1)
      varia_model (~> 0.4.0)
    rubocop (0.39.0)
      parser (>= 2.3.0.7, < 3.0)
      powerpack (~> 0.1)
      rainbow (>= 1.99.1, < 3.0)
      ruby-progressbar (~> 1.7)
      unicode-display_width (~> 1.0, >= 1.0.1)
    ruby-progressbar (1.8.1)
    rufus-lru (1.1.0)
    safe_yaml (1.0.4)
    sawyer (0.7.0)
      addressable (>= 2.3.5, < 2.5)
      faraday (~> 0.8, < 0.10)
    semverse (1.2.1)
    solve (2.0.3)
      molinillo (~> 0.4.2)
      semverse (~> 1.1)
    stove (4.1.1)
      chef-api (~> 0.5)
      logify (~> 0.2)
    test-kitchen (1.10.2)
      mixlib-install (~> 1.0, >= 1.0.4)
      mixlib-shellout (>= 1.2, < 3.0)
      net-scp (~> 1.1)
      net-ssh (>= 2.9, < 4.0)
      safe_yaml (~> 1.0)
      thor (~> 0.18)
    thor (0.19.1)
    timers (4.0.4)
      hitimes
    treetop (1.6.8)
      polyglot (~> 0.3)
    unicode-display_width (1.1.0)
    varia_model (0.4.1)
      buff-extensions (~> 1.0)
      hashie (>= 2.0.2, < 4.0.0)
    yajl-ruby (1.2.1)

PLATFORMS
  ruby

DEPENDENCIES
  berkshelf
  cookstyle
  foodcritic
  kitchen-vagrant
  rake
  stove
  test-kitchen

BUNDLED WITH
   1.12.5
