GEM
  remote: https://rubygems.org/
  specs:
    addressable (2.5.1)
      public_suffix (~> 2.0, >= 2.0.2)
    artifactory (2.8.2)
    blankslate (2.1.2.4)
    builder (3.2.3)
    coderay (1.1.1)
    diff-lcs (1.3)
    docker-api (1.33.6)
      excon (>= 0.38.0)
      json
    domain_name (0.5.20161129)
      unf (>= 0.0.5, < 1.0.0)
    erubis (2.7.0)
    excon (0.58.0)
    faraday (0.12.2)
      multipart-post (>= 1.2, < 3)
    ffi (1.9.18)
    gssapi (1.2.0)
      ffi (>= 1.0.1)
    gyoku (1.3.1)
      builder (>= 2.1.2)
    hashie (3.5.6)
    htmlentities (4.3.4)
    http-cookie (1.0.3)
      domain_name (~> 0.5)
    httpclient (2.8.3)
    inspec (1.32.1)
      addressable (~> 2.4)
      faraday (>= 0.9.0)
      hashie (~> 3.4)
      htmlentities
      json (>= 1.8, < 3.0)
      method_source (~> 0.8)
      mixlib-log
      parallel (~> 1.9)
      parslet (~> 1.5)
      pry (~> 0)
      rainbow (~> 2)
      rspec (~> 3)
      rspec-its (~> 1.2)
      rubyzip (~> 1.1)
      semverse
      sslshake (~> 1.2)
      thor (~> 0.19)
      toml (~> 0.1)
      train (>= 0.24.0, < 1.0)
    java_properties (0.0.4)
    json (2.1.0)
    kitchen-inspec (0.19.0)
      hashie (~> 3.4)
      inspec (>= 0.34.0, < 2.0.0)
      test-kitchen (~> 1.6)
    little-plugger (1.1.4)
    logging (2.2.2)
      little-plugger (~> 1.1)
      multi_json (~> 1.10)
    method_source (0.8.2)
    mime-types (3.1)
      mime-types-data (~> 3.2015)
    mime-types-data (3.2016.0521)
    mixlib-install (2.1.12)
      artifactory
      mixlib-shellout
      mixlib-versioning
      thor
    mixlib-log (1.7.1)
    mixlib-shellout (2.3.2)
    mixlib-versioning (1.2.2)
    multi_json (1.12.1)
    multipart-post (2.0.0)
    net-scp (1.2.1)
      net-ssh (>= 2.6.5)
    net-ssh (4.1.0)
    net-ssh-gateway (1.3.0)
      net-ssh (>= 2.6.5)
    netrc (0.11.0)
    nori (2.6.0)
    parallel (1.12.0)
    parslet (1.5.0)
      blankslate (~> 2.0)
    pry (0.10.4)
      coderay (~> 1.1.0)
      method_source (~> 0.8.1)
      slop (~> 3.4)
    public_suffix (2.0.5)
    rainbow (2.2.2)
      rake
    rake (12.0.0)
    rest-client (2.0.0)
      http-cookie (>= 1.0.2, < 2.0)
      mime-types (>= 1.16, < 4.0)
      netrc (~> 0.8)
    rspec (3.6.0)
      rspec-core (~> 3.6.0)
      rspec-expectations (~> 3.6.0)
      rspec-mocks (~> 3.6.0)
    rspec-core (3.6.0)
      rspec-support (~> 3.6.0)
    rspec-expectations (3.6.0)
      diff-lcs (>= 1.2.0, < 2.0)
      rspec-support (~> 3.6.0)
    rspec-its (1.2.0)
      rspec-core (>= 3.0.0)
      rspec-expectations (>= 3.0.0)
    rspec-mocks (3.6.0)
      diff-lcs (>= 1.2.0, < 2.0)
      rspec-support (~> 3.6.0)
    rspec-support (3.6.0)
    rubyntlm (0.6.2)
    rubyzip (1.2.1)
    safe_yaml (1.0.4)
    semverse (2.0.0)
    slop (3.6.0)
    sslshake (1.2.0)
    test-kitchen (1.16.0)
      mixlib-install (>= 1.2, < 3.0)
      mixlib-shellout (>= 1.2, < 3.0)
      net-scp (~> 1.1)
      net-ssh (>= 2.9, < 5.0)
      net-ssh-gateway (~> 1.2)
      safe_yaml (~> 1.0)
      thor (~> 0.19, < 0.19.2)
    thor (0.19.1)
    toml (0.1.2)
      parslet (~> 1.5.0)
    train (0.25.0)
      docker-api (~> 1.26)
      json (>= 1.8, < 3.0)
      mixlib-shellout (~> 2.0)
      net-scp (~> 1.2)
      net-ssh (>= 2.9, < 5.0)
      winrm (~> 2.0)
      winrm-fs (~> 1.0)
    unf (0.1.4)
      unf_ext
    unf_ext (0.0.7.2)
    winrm (2.2.3)
      builder (>= 2.1.2)
      erubis (~> 2.7)
      gssapi (~> 1.2)
      gyoku (~> 1.0)
      httpclient (~> 2.2, >= 2.2.0.2)
      logging (>= 1.6.1, < 3.0)
      nori (~> 2.0)
      rubyntlm (~> 0.6.0, >= 0.6.1)
    winrm-fs (1.0.1)
      erubis (~> 2.7)
      logging (>= 1.6.1, < 3.0)
      rubyzip (~> 1.1)
      winrm (~> 2.0)

PLATFORMS
  ruby

DEPENDENCIES
  java_properties
  kitchen-inspec
  rest-client

BUNDLED WITH
   1.12.5
